PATH
  remote: .
  specs:
    ag-grid-community-rails (32.2.0)

GEM
  remote: https://rubygems.org/
  specs:

PLATFORMS
  x86_64-darwin-23

DEPENDENCIES
  ag-grid-community-rails!
  bundler (~> 2.4.4)

BUNDLED WITH
   2.4.4
