PATH
  remote: .
  specs:
    ag-grid-community-rails (28.1.1)

GEM
  remote: https://gems.ruby-china.com/
  specs:
    rake (13.0.6)

PLATFORMS
  ruby

DEPENDENCIES
  ag-grid-community-rails!
  bundler (~> 2.3.7)
  rake (>= 12.3.3)

BUNDLED WITH
   2.3.7
